NUGET
  remote: https://www.nuget.org/api/v2
  specs:
    BouncyCastle (1.8.1)
    FSharp.Data (2.3)
      Zlib.Portable (>= 1.11) - framework: portable-net45+sl5+win8, portable-net45+win8, portable-net45+win8+wp8+wpa81
    IntelliFactory.Reactive (3.6.8.69)
      WebSharper (>= 3.6.11.234)
    IntelliFactory.Xml (0.6.63.95)
    PerfectShuffle.Security (0.2.5971.35852)
      BouncyCastle
      FSharp.Data
      System.IdentityModel.Tokens.Jwt
    PerfectShuffle.WebsharperExtensions.JavascriptBindings (0.1.8)
      WebSharper (>= 3.5.12.213)
    System.IdentityModel.Tokens.Jwt (4.0.2.206221351)
    WebSharper (3.6.11.234)
    WebSharper.Html (3.6.9.21)
      IntelliFactory.Xml (>= 0.6.63.95)
      WebSharper (>= 3.6.11.234)
    WebSharper.JQueryUi (3.6.9.294)
      WebSharper (>= 3.6.11.234)
      WebSharper.Html (>= 3.6.9.21)
    WebSharper.Piglets (3.6.8.273)
      IntelliFactory.Reactive (>= 3.6.8.69)
      WebSharper (>= 3.6.11.234)
      WebSharper.Html (>= 3.6.9.21)
    WebSharper.UI.Next (3.6.11.207)
      WebSharper (>= 3.6.11.234)
    Zlib.Portable (1.11) - framework: portable-net45+sl5+win8, portable-net45+win8, portable-net45+win8+wp8+wpa81
