REDIRECTS: ON
FRAMEWORK: NET451, NET452, NET46, NET461
NUGET
  remote: https://www.nuget.org/api/v2
    BouncyCastle (1.8.1)
    FAKE (4.50)
    FSharp.Data (2.3.2)
    IntelliFactory.Reactive (3.6.9.70)
      WebSharper (>= 3.6.12.235)
    IntelliFactory.Xml (0.6.63.95)
    Microsoft.IdentityModel.Logging (1.1.2)
    Microsoft.IdentityModel.Tokens (5.1.2)
      Microsoft.IdentityModel.Logging (>= 1.1.2)
      Newtonsoft.Json (>= 9.0.1)
    Newtonsoft.Json (9.0.1)
    PerfectShuffle.Security (0.3.6217.33931)
      BouncyCastle
      FSharp.Data
      System.IdentityModel.Tokens.Jwt
    PerfectShuffle.WebsharperExtensions.JavascriptBindings (0.2.6228.42339)
      WebSharper
    System.IdentityModel.Tokens.Jwt (5.1.2)
      Microsoft.IdentityModel.Tokens (>= 5.1.2)
    WebSharper (3.6.18.241)
    WebSharper.Html (3.6.10.22)
      IntelliFactory.Xml (>= 0.6.63.95)
      WebSharper (>= 3.6.12.235)
    WebSharper.JQueryUi (3.6.10.295)
      WebSharper (>= 3.6.12.235)
      WebSharper.Html (>= 3.6.10.22)
    WebSharper.Piglets (3.6.9.274)
      IntelliFactory.Reactive (>= 3.6.9.70)
      WebSharper (>= 3.6.12.235)
      WebSharper.Html (>= 3.6.10.22)
    WebSharper.UI.Next (3.6.15.211)
      WebSharper (>= 3.6.12.235)
